ObjectType = Image
NDims = 3
BinaryData = True
BinaryDataByteOrderMSB = False
CompressedData = False
TransformMatrix = 1 0 0 0 1 0 0 0 1
Offset = -160.54217529296875 -173.125 -115.88674926757812
CenterOfRotation = 0 0 0
AnatomicalOrientation = RAI
ElementSpacing = 1.3671875 1.3671875 9.6000003814697266
DimSize = 256 224 20
ElementType = MET_SHORT
ElementDataFile = result.0.raw
